PATH
  remote: .
  specs:
    pokemon_cards (0.1.0)
      colorize (~> 0.8.1)
      json
      rest-client (~> 1.8)

GEM
  remote: https://rubygems.org/
  specs:
    coderay (1.1.3)
    colorize (0.8.1)
    domain_name (0.5.20190701)
      unf (>= 0.0.5, < 1.0.0)
    http-cookie (1.0.3)
      domain_name (~> 0.5)
    httparty (0.16.2)
      multi_xml (>= 0.5.2)
    json (2.3.1)
    method_source (1.0.0)
    mime-types (2.99.3)
    multi_xml (0.6.0)
    netrc (0.11.0)
    pry (0.13.1)
      coderay (~> 1.1)
      method_source (~> 1.0)
    rake (12.3.3)
    rest-client (1.8.0)
      http-cookie (>= 1.0.2, < 2.0)
      mime-types (>= 1.16, < 3.0)
      netrc (~> 0.7)
    unf (0.1.4)
      unf_ext
    unf_ext (0.0.7.7)

PLATFORMS
  ruby

DEPENDENCIES
  bundler (~> 2.0)
  httparty
  pokemon_cards!
  pry
  rake (~> 12.0)

BUNDLED WITH
   2.1.4
